GEM
  remote: https://rubygems.org/
  specs:
    actioncable (6.1.7)
      actionpack (= 6.1.7)
      activesupport (= 6.1.7)
      nio4r (~> 2.0)
      websocket-driver (>= 0.6.1)
    actionmailbox (6.1.7)
      actionpack (= 6.1.7)
      activejob (= 6.1.7)
      activerecord (= 6.1.7)
      activestorage (= 6.1.7)
      activesupport (= 6.1.7)
      mail (>= 2.7.1)
    actionmailer (6.1.7)
      actionpack (= 6.1.7)
      actionview (= 6.1.7)
      activejob (= 6.1.7)
      activesupport (= 6.1.7)
      mail (~> 2.5, >= 2.5.4)
      rails-dom-testing (~> 2.0)
    actionpack (6.1.7)
      actionview (= 6.1.7)
      activesupport (= 6.1.7)
      rack (~> 2.0, >= 2.0.9)
      rack-test (>= 0.6.3)
      rails-dom-testing (~> 2.0)
      rails-html-sanitizer (~> 1.0, >= 1.2.0)
    actiontext (6.1.7)
      actionpack (= 6.1.7)
      activerecord (= 6.1.7)
      activestorage (= 6.1.7)
      activesupport (= 6.1.7)
      nokogiri (>= 1.8.5)
    actionview (6.1.7)
      activesupport (= 6.1.7)
      builder (~> 3.1)
      erubi (~> 1.4)
      rails-dom-testing (~> 2.0)
      rails-html-sanitizer (~> 1.1, >= 1.2.0)
    activejob (6.1.7)
      activesupport (= 6.1.7)
      globalid (>= 0.3.6)
    activemodel (6.1.7)
      activesupport (= 6.1.7)
    activerecord (6.1.7)
      activemodel (= 6.1.7)
      activesupport (= 6.1.7)
    activestorage (6.1.7)
      actionpack (= 6.1.7)
      activejob (= 6.1.7)
      activerecord (= 6.1.7)
      activesupport (= 6.1.7)
      marcel (~> 1.0)
      mini_mime (>= 1.1.0)
    activesupport (6.1.7)
      concurrent-ruby (~> 1.0, >= 1.0.2)
      i18n (>= 1.6, < 2)
      minitest (>= 5.1)
      tzinfo (~> 2.0)
      zeitwerk (~> 2.3)
    addressable (2.8.1)
      public_suffix (>= 2.0.2, < 6.0)
    annotate (3.2.0)
      activerecord (>= 3.2, < 8.0)
      rake (>= 10.4, < 14.0)
    ast (2.4.2)
    axiom-types (0.1.1)
      descendants_tracker (~> 0.0.4)
      ice_nine (~> 0.11.0)
      thread_safe (~> 0.3, >= 0.3.1)
    better_errors (2.9.1)
      coderay (>= 1.0.0)
      erubi (>= 1.0.0)
      rack (>= 0.9.0)
    binding_of_caller (1.0.0)
      debug_inspector (>= 0.0.1)
    bootsnap (1.15.0)
      msgpack (~> 1.2)
    builder (3.2.4)
    byebug (11.1.3)
    capybara (3.38.0)
      addressable
      matrix
      mini_mime (>= 0.1.3)
      nokogiri (~> 1.8)
      rack (>= 1.6.0)
      rack-test (>= 0.6.3)
      regexp_parser (>= 1.5, < 3.0)
      xpath (~> 3.2)
    clipboard (1.3.6)
    coderay (1.1.3)
    coercible (1.0.0)
      descendants_tracker (~> 0.0.1)
    concurrent-ruby (1.1.10)
    cpf_cnpj (0.5.0)
    cpf_faker (1.3.0)
      clipboard
    crass (1.0.6)
    database_cleaner (2.0.1)
      database_cleaner-active_record (~> 2.0.0)
    database_cleaner-active_record (2.0.1)
      activerecord (>= 5.a)
      database_cleaner-core (~> 2.0.0)
    database_cleaner-core (2.0.1)
    date (3.3.3)
    debug_inspector (1.1.0)
    descendants_tracker (0.0.4)
      thread_safe (~> 0.3, >= 0.3.1)
    diff-lcs (1.5.0)
    docile (1.4.0)
    dotenv (2.8.1)
    dotenv-rails (2.8.1)
      dotenv (= 2.8.1)
      railties (>= 3.2)
    equalizer (0.0.11)
    erubi (1.12.0)
    factory_bot (6.2.1)
      activesupport (>= 5.0.0)
    factory_bot_rails (6.2.0)
      factory_bot (~> 6.2.0)
      railties (>= 5.0.0)
    faker (3.0.0)
      i18n (>= 1.8.11, < 2)
    ffaker (2.21.0)
    ffi (1.15.5)
    flay (2.13.0)
      erubi (~> 1.10)
      path_expander (~> 1.0)
      ruby_parser (~> 3.0)
      sexp_processor (~> 4.0)
    flog (4.6.6)
      path_expander (~> 1.0)
      ruby_parser (~> 3.1, > 3.1.0)
      sexp_processor (~> 4.8)
    globalid (1.0.0)
      activesupport (>= 5.0)
    i18n (1.12.0)
      concurrent-ruby (~> 1.0)
    ice_nine (0.11.2)
    json (2.6.3)
    kwalify (0.7.2)
    launchy (2.5.0)
      addressable (~> 2.7)
    listen (3.8.0)
      rb-fsevent (~> 0.10, >= 0.10.3)
      rb-inotify (~> 0.9, >= 0.9.10)
    loofah (2.19.1)
      crass (~> 1.0.2)
      nokogiri (>= 1.5.9)
    mail (2.8.0.1)
      mini_mime (>= 0.1.1)
      net-imap
      net-pop
      net-smtp
    marcel (1.0.2)
    matrix (0.4.2)
    method_source (1.0.0)
    mini_mime (1.1.2)
    minitest (5.17.0)
    msgpack (1.6.0)
    net-imap (0.3.4)
      date
      net-protocol
    net-pop (0.1.2)
      net-protocol
    net-protocol (0.2.1)
      timeout
    net-smtp (0.3.3)
      net-protocol
    nio4r (2.5.8)
    nokogiri (1.14.0-x86_64-linux)
      racc (~> 1.4)
    parallel (1.22.1)
    parser (3.1.3.0)
      ast (~> 2.4.1)
    path_expander (1.1.1)
    pdf-core (0.9.0)
    pg (1.4.5)
    prawn (2.4.0)
      pdf-core (~> 0.9.0)
      ttfunk (~> 1.7)
    prawn-rails (1.4.2)
      actionview (>= 3.1.0)
      prawn
      prawn-table
    prawn-table (0.2.2)
      prawn (>= 1.3.0, < 3.0.0)
    pry (0.14.1)
      coderay (~> 1.1)
      method_source (~> 1.0)
    pry-byebug (3.10.1)
      byebug (~> 11.0)
      pry (>= 0.13, < 0.15)
    public_suffix (5.0.1)
    puma (5.6.5)
      nio4r (~> 2.0)
    racc (1.6.2)
    rack (2.2.5)
    rack-mini-profiler (2.3.4)
      rack (>= 1.2.0)
    rack-test (2.0.2)
      rack (>= 1.3)
    rails (6.1.7)
      actioncable (= 6.1.7)
      actionmailbox (= 6.1.7)
      actionmailer (= 6.1.7)
      actionpack (= 6.1.7)
      actiontext (= 6.1.7)
      actionview (= 6.1.7)
      activejob (= 6.1.7)
      activemodel (= 6.1.7)
      activerecord (= 6.1.7)
      activestorage (= 6.1.7)
      activesupport (= 6.1.7)
      bundler (>= 1.15.0)
      railties (= 6.1.7)
      sprockets-rails (>= 2.0.0)
    rails-dom-testing (2.0.3)
      activesupport (>= 4.2.0)
      nokogiri (>= 1.6)
    rails-html-sanitizer (1.4.4)
      loofah (~> 2.19, >= 2.19.1)
    railties (6.1.7)
      actionpack (= 6.1.7)
      activesupport (= 6.1.7)
      method_source
      rake (>= 12.2)
      thor (~> 1.0)
    rainbow (3.1.1)
    rake (13.0.6)
    rb-fsevent (0.11.2)
    rb-inotify (0.10.1)
      ffi (~> 1.0)
    reek (6.1.2)
      kwalify (~> 0.7.0)
      parser (~> 3.1.0)
      rainbow (>= 2.0, < 4.0)
    regexp_parser (2.6.1)
    rexml (3.2.5)
    rspec-core (3.12.0)
      rspec-support (~> 3.12.0)
    rspec-expectations (3.12.1)
      diff-lcs (>= 1.2.0, < 2.0)
      rspec-support (~> 3.12.0)
    rspec-mocks (3.12.1)
      diff-lcs (>= 1.2.0, < 2.0)
      rspec-support (~> 3.12.0)
    rspec-rails (6.0.1)
      actionpack (>= 6.1)
      activesupport (>= 6.1)
      railties (>= 6.1)
      rspec-core (~> 3.11)
      rspec-expectations (~> 3.11)
      rspec-mocks (~> 3.11)
      rspec-support (~> 3.11)
    rspec-support (3.12.0)
    rubocop (1.42.0)
      json (~> 2.3)
      parallel (~> 1.10)
      parser (>= 3.1.2.1)
      rainbow (>= 2.2.2, < 4.0)
      regexp_parser (>= 1.8, < 3.0)
      rexml (>= 3.2.5, < 4.0)
      rubocop-ast (>= 1.24.1, < 2.0)
      ruby-progressbar (~> 1.7)
      unicode-display_width (>= 1.4.0, < 3.0)
    rubocop-ast (1.24.1)
      parser (>= 3.1.1.0)
    ruby-progressbar (1.11.0)
    ruby_parser (3.19.2)
      sexp_processor (~> 4.16)
    rubycritic (4.7.0)
      flay (~> 2.8)
      flog (~> 4.4)
      launchy (>= 2.0.0)
      parser (>= 2.6.0)
      rainbow (~> 3.0)
      reek (~> 6.0, < 7.0)
      ruby_parser (~> 3.8)
      simplecov (>= 0.17.0)
      tty-which (~> 0.4.0)
      virtus (~> 1.0)
    rubyzip (2.3.2)
    selenium-webdriver (4.7.1)
      rexml (~> 3.2, >= 3.2.5)
      rubyzip (>= 1.2.2, < 3.0)
      websocket (~> 1.0)
    sexp_processor (4.16.1)
    shoulda-matchers (5.3.0)
      activesupport (>= 5.2.0)
    simplecov (0.21.2)
      docile (~> 1.1)
      simplecov-html (~> 0.11)
      simplecov_json_formatter (~> 0.1)
    simplecov-html (0.12.3)
    simplecov_json_formatter (0.1.4)
    spring (4.1.1)
    sprockets (4.2.0)
      concurrent-ruby (~> 1.0)
      rack (>= 2.2.4, < 4)
    sprockets-rails (3.4.2)
      actionpack (>= 5.2)
      activesupport (>= 5.2)
      sprockets (>= 3.0.0)
    thor (1.2.1)
    thread_safe (0.3.6)
    timeout (0.3.1)
    ttfunk (1.7.0)
    tty-which (0.4.2)
    tzinfo (2.0.5)
      concurrent-ruby (~> 1.0)
    unicode-display_width (2.4.2)
    virtus (1.0.5)
      axiom-types (~> 0.1)
      coercible (~> 1.0)
      descendants_tracker (~> 0.0, >= 0.0.3)
      equalizer (~> 0.0, >= 0.0.9)
    webdrivers (5.2.0)
      nokogiri (~> 1.6)
      rubyzip (>= 1.3.0)
      selenium-webdriver (~> 4.0)
    websocket (1.2.9)
    websocket-driver (0.7.5)
      websocket-extensions (>= 0.1.0)
    websocket-extensions (0.1.5)
    xpath (3.2.0)
      nokogiri (~> 1.8)
    zeitwerk (2.6.6)

PLATFORMS
  x86_64-linux

DEPENDENCIES
  annotate
  better_errors
  binding_of_caller
  bootsnap (>= 1.4.4)
  byebug
  capybara (>= 3.26)
  cpf_cnpj
  cpf_faker
  database_cleaner
  dotenv-rails
  factory_bot_rails
  faker
  ffaker
  listen (~> 3.3)
  net-smtp (~> 0.3.1)
  pg (~> 1.1)
  prawn-rails
  pry-byebug
  puma (~> 5.0)
  rack-mini-profiler (~> 2.0)
  rails (~> 6.1.7)
  rspec-rails
  rubocop
  rubycritic
  selenium-webdriver (>= 4.0.0.rc1)
  shoulda-matchers (~> 5.0)
  simplecov
  spring
  tzinfo-data
  webdrivers

RUBY VERSION
   ruby 3.1.2p20

BUNDLED WITH
   2.3.24
